PATH
  remote: .
  specs:
    docstat (1.0.0)
      sqlite3

GEM
  remote: https://rubygems.org/
  specs:
    bacon (1.2.0)
    sqlite3 (1.3.9)

PLATFORMS
  ruby

DEPENDENCIES
  bacon
  docstat!
